GEM
  remote: https://rubygems.org/
  specs:
    addressable (2.4.0)
    capybara (2.7.1)
      addressable
      mime-types (>= 1.16)
      nokogiri (>= 1.3.3)
      rack (>= 1.0.0)
      rack-test (>= 0.5.4)
      xpath (~> 2.0)
    erubis (2.7.0)
    jdbc-postgres (9.4.1206)
    mime-types (3.1)
      mime-types-data (~> 3.2015)
    mime-types-data (3.2016.0521)
    mini_portile2 (2.1.0)
    minitest (5.9.0)
    minitest-hooks (1.4.0)
    multi_json (1.12.1)
    nokogiri (1.6.8)
      mini_portile2 (~> 2.1.0)
      pkg-config (~> 1.1.7)
    nokogiri (1.6.8-java)
    pkg-config (1.1.7)
    rack (2.0.1)
    rack-test (0.6.3)
      rack (>= 1.0)
    rack-unreloader (1.5.0)
    rack_csrf (2.5.0)
      rack (>= 1.1.0)
    roda (2.16.0)
      rack
    sequel (4.36.0)
    tilt (2.0.5)
    torquebox-core (4.0.0.beta3-java)
    torquebox-web (4.0.0.beta3-java)
      rack (>= 1.4.0)
      torquebox-core (= 4.0.0.beta3)
    xpath (2.0.0)
      nokogiri (~> 1.3)

PLATFORMS
  java
  ruby

DEPENDENCIES
  capybara
  erubis
  jdbc-postgres
  minitest (>= 5.7.0)
  minitest-hooks (>= 1.1.0)
  multi_json
  rack-unreloader
  rack_csrf
  roda
  sequel
  tilt (>= 2)
  torquebox-web

BUNDLED WITH
   1.12.5
